GEM
  remote: https://rubygems.org/
  specs:
    rake (10.5.0)
    ruby-ole (1.2.12)
    spreadsheet (1.1.2)
      ruby-ole (>= 1.0)

PLATFORMS
  ruby

DEPENDENCIES
  rake
  spreadsheet

BUNDLED WITH
   1.11.2
